PATH
  remote: .
  specs:
    maid (0.1.2)
      thor (~> 0.14.6)

GEM
  remote: http://rubygems.org/
  specs:
    ZenTest (4.4.2)
    diff-lcs (1.1.2)
    fakefs (0.4.0)
    rake (0.8.7)
    rspec (2.5.0)
      rspec-core (~> 2.5.0)
      rspec-expectations (~> 2.5.0)
      rspec-mocks (~> 2.5.0)
    rspec-core (2.5.2)
    rspec-expectations (2.5.0)
      diff-lcs (~> 1.1.2)
    rspec-mocks (2.5.0)
    thor (0.14.6)
    timecop (0.3.5)

PLATFORMS
  ruby

DEPENDENCIES
  ZenTest (~> 4.4.2)
  fakefs (~> 0.4.0)
  maid!
  rake (~> 0.8.7)
  rspec (~> 2.5.0)
  timecop (~> 0.3.5)
